GEM
  remote: https://rubygems.org/
  specs:
    appraisal (2.5.0)
      bundler
      rake
      thor (>= 0.14.0)
    minitest (5.25.4)
    rake (13.2.1)
    thor (1.4.0)

PLATFORMS
  ruby

DEPENDENCIES
  appraisal
  minitest

BUNDLED WITH
   2.5.22
